GEM
  remote: https://rubygems.org/
  specs:
    exifr (1.1.3)

PLATFORMS
  x86-mingw32

DEPENDENCIES
  exifr
